GEM
  remote: https://rubygems.org/
  specs:
    mini_portile2 (2.1.0)
    nokogiri (1.6.8)
      mini_portile2 (~> 2.1.0)
      pkg-config (~> 1.1.7)
    opml-parser (1.0.1)
      nokogiri
    pkg-config (1.1.7)
    simple-rss (1.3.1)

PLATFORMS
  ruby

DEPENDENCIES
  opml-parser (~> 1.0, >= 1.0.1)
  simple-rss (~> 1.3, >= 1.3.1)
