GEM
  remote: https://rubygems.org/
  specs:
    simple-rss (1.3.1)

PLATFORMS
  ruby

DEPENDENCIES
  simple-rss (~> 1.3, >= 1.3.1)

BUNDLED WITH
   1.11.2
